GEM
  remote: https://rubygems.org/
  specs:
    daemons (1.4.1)
    eventmachine (1.2.7)
    logger (1.7.0)
    rack (3.1.16)
    thin (2.0.1)
      daemons (~> 1.0, >= 1.0.9)
      eventmachine (~> 1.0, >= 1.0.4)
      logger
      rack (>= 1, < 4)

PLATFORMS
  ruby

DEPENDENCIES
  rack
  thin

BUNDLED WITH
   2.5.20
