GEM
  remote: https://rubygems.org/
  specs:
    rack (2.2.3.1)

PLATFORMS
  ruby

DEPENDENCIES
  rack
