GEM
  remote: https://rubygems.org/
  specs:
    rack (2.2.4)

PLATFORMS
  ruby

DEPENDENCIES
  rack
