GEM
  remote: https://rubygems.org/
  specs:
    rack (3.1.8)
    rackup (2.2.0)
      rack (>= 3)
    webrick (1.8.2)

PLATFORMS
  ruby

DEPENDENCIES
  rackup
  webrick

BUNDLED WITH
   2.5.20
