GEM
  remote: https://rubygems.org/
  specs:
    rack (3.1.7)
    webrick (1.8.2)

PLATFORMS
  ruby

DEPENDENCIES
  rack
  webrick

BUNDLED WITH
   2.5.20
