GEM
  remote: https://rubygems.org/
  specs:
    rack (2.2.5)
    webrick (1.8.1)

PLATFORMS
  ruby

DEPENDENCIES
  rack
  webrick
