GEM
  remote: https://rubygems.org/
  specs:
    rack (2.2.6)
    webrick (1.7.0)

PLATFORMS
  ruby

DEPENDENCIES
  rack
  webrick
