GEM
  remote: https://rubygems.org/
  specs:
    rack (3.0.1)

PLATFORMS
  ruby

DEPENDENCIES
  rack
